PATH
  remote: .
  specs:
    lab42_options (0.5.3)
      forwarder2 (~> 0.2.0)
      lab42_core (~> 0.0.7)

GEM
  remote: https://rubygems.org/
  specs:
    ae (1.8.2)
      ansi
    ansi (1.4.3)
    brass (1.2.1)
    byebug (3.1.2)
      columnize (~> 0.8)
      debugger-linecache (~> 1.2)
    coderay (1.0.9)
    columnize (0.8.9)
    debugger-linecache (1.2.0)
    diff-lcs (1.2.5)
    facets (2.9.3)
    forwarder2 (0.2.0)
    lab42_core (0.0.7)
    metaclass (0.0.4)
    method_source (0.8.2)
    mocha (1.1.0)
      metaclass (~> 0.0.1)
    pry (0.9.12.2)
      coderay (~> 1.0.5)
      method_source (~> 0.8)
      slop (~> 3.4)
    pry-nav (0.2.3)
      pry (~> 0.9.10)
    qed (2.9.1)
      ansi
      brass
      facets (>= 2.8)
    rspec (3.0.0)
      rspec-core (~> 3.0.0)
      rspec-expectations (~> 3.0.0)
      rspec-mocks (~> 3.0.0)
    rspec-collection_matchers (1.0.0)
      rspec-expectations (>= 2.99.0.beta1)
    rspec-core (3.0.2)
      rspec-support (~> 3.0.0)
    rspec-expectations (3.0.2)
      diff-lcs (>= 1.2.0, < 2.0)
      rspec-support (~> 3.0.0)
    rspec-mocks (3.0.2)
      rspec-support (~> 3.0.0)
    rspec-support (3.0.2)
    slop (3.4.6)
    test-unit (2.1.2.0)

PLATFORMS
  ruby

DEPENDENCIES
  ae (~> 1.8)
  byebug (~> 3.1)
  lab42_options!
  mocha (~> 1.1)
  pry (~> 0.9)
  pry-nav (~> 0.2)
  qed (~> 2.9)
  rspec (~> 3.0)
  rspec-collection_matchers (~> 1.0)
  test-unit (~> 2.1)
